PATH
  remote: .
  specs:
    iig (0.1.0)
      mechanize
      net-irc
      slop

GEM
  remote: https://rubygems.org/
  specs:
    addressable (2.3.8)
    celluloid (0.16.0)
      timers (~> 4.0.0)
    crack (0.4.2)
      safe_yaml (~> 1.0.0)
    domain_name (0.5.24)
      unf (>= 0.0.5, < 1.0.0)
    ffi (1.9.8)
    guard (1.4.0)
      listen (>= 0.4.2)
      thor (>= 0.14.6)
    guard-compat (1.2.1)
    guard-minitest (2.4.4)
      guard-compat (~> 1.2)
      minitest (>= 3.0)
    hitimes (1.2.2)
    http-cookie (1.0.2)
      domain_name (~> 0.5)
    listen (2.10.0)
      celluloid (~> 0.16.0)
      rb-fsevent (>= 0.9.3)
      rb-inotify (>= 0.9)
    mechanize (2.7.3)
      domain_name (~> 0.5, >= 0.5.1)
      http-cookie (~> 1.0)
      mime-types (~> 2.0)
      net-http-digest_auth (~> 1.1, >= 1.1.1)
      net-http-persistent (~> 2.5, >= 2.5.2)
      nokogiri (~> 1.4)
      ntlm-http (~> 0.1, >= 0.1.1)
      webrobots (>= 0.0.9, < 0.2)
    mime-types (2.5)
    mini_portile (0.6.2)
    minitest (5.6.1)
    net-http-digest_auth (1.4)
    net-http-persistent (2.9.4)
    net-irc (0.0.9)
    nokogiri (1.6.6.2)
      mini_portile (~> 0.6.0)
    ntlm-http (0.1.1)
    rb-fsevent (0.9.4)
    rb-inotify (0.9.5)
      ffi (>= 0.5.0)
    safe_yaml (1.0.4)
    slop (4.1.0)
    thor (0.19.1)
    timers (4.0.1)
      hitimes
    unf (0.1.4)
      unf_ext
    unf_ext (0.0.7.1)
    vcr (2.9.3)
    webmock (1.21.0)
      addressable (>= 2.3.6)
      crack (>= 0.3.2)
    webrobots (0.1.1)

PLATFORMS
  ruby

DEPENDENCIES
  guard
  guard-minitest
  iig!
  vcr
  webmock
